GIT
  remote: https://github.com/coprl/animate_presenter_plugin.git
  revision: 1eb21032ea4bd44113bb4d887df2472d5cd10a8f
  specs:
    animate_presenter_plugin (0.0.1)

GIT
  remote: https://github.com/coprl/cacheable_presenter_plugin.git
  revision: 262ac076d70d94b111b9ccb692dfc9225c7cc6c6
  specs:
    cacheable_presenter_plugin (0.0.3)

GIT
  remote: https://github.com/coprl/chart_presenter_plugin.git
  revision: 6b93c7a1b04356987cbe962841f564f4afc744c4
  specs:
    chart_presenter_plugin (0.1.0)

GIT
  remote: https://github.com/coprl/clipboard_presenter_plugin.git
  revision: 3de13cd7b858d68f4d2060bcbd44683b5ea755f8
  specs:
    clipboard_presenter_plugin (0.1.0)

GIT
  remote: https://github.com/coprl/color_picker_presenter_plugin.git
  revision: 10bdc8b555b2c168ee1d93316c7b10e961a7f5b5
  specs:
    color_picker_presenter_plugin (0.0.1)

GIT
  remote: https://github.com/coprl/foo_presenter_plugin.git
  revision: 6f1d796bf030bf69fca87777d28bdee63e9880d8
  specs:
    foo_presenter_plugin (0.0.2)

GIT
  remote: https://github.com/coprl/google_maps_presenter_plugin.git
  revision: 53d8d4d778fcc0295980aaae29bbc3fdb3a947d4
  branch: main
  specs:
    google_maps_presenter_plugin (0.1.0)

GIT
  remote: https://github.com/coprl/iframe_presenter_plugin.git
  revision: d0bc691adba4807499af30ee375e9b6dd1426732
  specs:
    iframe_presenter_plugin (0.0.1)

GIT
  remote: https://github.com/coprl/image_crop_presenter_plugin.git
  revision: 586ef47bd6132f94810cfb04d02fcf7c9df1ae10
  specs:
    image_crop_presenter_plugin (0.1.0)

GIT
  remote: https://github.com/coprl/markup_presenter_plugin.git
  revision: a02e7ec5878d73f1263d3d8e7c82ea10e67df02b
  specs:
    markup_presenter_plugin (0.0.2)

GIT
  remote: https://github.com/coprl/script_presenter_plugin.git
  revision: c7cea03e73f4752a3df99e4b3ab0d4030f141f4d
  specs:
    script_presenter_plugin (0.0.2)

GIT
  remote: https://github.com/coprl/scroll_to_presenter_plugin.git
  revision: c34ab770665a16b81b8274357dd9cc77dbd0a566
  specs:
    scroll_to_presenter_plugin (0.0.2)

GIT
  remote: https://github.com/coprl/timer_presenter_plugin.git
  revision: 5901fd1a368ae7b293c0b87f58ebd01a24a38573
  specs:
    timer_presenter_plugin (0.0.1)

PATH
  remote: .
  specs:
    coprl (1.0.0)
      dry-configurable (> 0.1, <= 7.0)
      dry-container (~> 0.6)
      dry-inflector (~> 0.1)
      ice_nine (~> 0.11)
      redcarpet (~> 3.4)
      sinatra (>= 1.4, < 3.0)
      tzinfo (>= 1.1, < 3.0)
      tzinfo-data (~> 1.2018)
      zeitwerk (~> 2.1)

GEM
  remote: https://rubygems.org/
  specs:
    byebug (11.1.3)
    childprocess (3.0.0)
    coderay (1.1.2)
    concurrent-ruby (1.1.9)
    diff-lcs (1.4.4)
    docile (1.3.1)
    dotenv (2.7.6)
    dry-configurable (0.12.1)
      concurrent-ruby (~> 1.0)
      dry-core (~> 0.5, >= 0.5.0)
    dry-container (0.8.0)
      concurrent-ruby (~> 1.0)
      dry-configurable (~> 0.1, >= 0.1.3)
    dry-core (0.6.0)
      concurrent-ruby (~> 1.0)
    dry-inflector (0.2.0)
    ice_nine (0.11.2)
    json (2.3.1)
    method_source (0.9.0)
    mini_portile2 (2.5.3)
    mustermann (1.1.1)
      ruby2_keywords (~> 0.0.1)
    nio4r (2.5.7)
    nokogiri (1.11.7)
      mini_portile2 (~> 2.5.0)
      racc (~> 1.4)
    nokogiri (1.11.7-x86_64-darwin)
      racc (~> 1.4)
    pry (0.11.3)
      coderay (~> 1.1.0)
      method_source (~> 0.9.0)
    pry-byebug (3.8.0)
      byebug (~> 11.0)
      pry (~> 0.10)
    puma (5.3.1)
      nio4r (~> 2.0)
    racc (1.5.2)
    rack (2.2.3)
    rack-cors (1.1.0)
      rack (>= 2.0.0)
    rack-protection (2.1.0)
      rack
    rack-test (0.8.3)
      rack (>= 1.0, < 3)
    rake (13.0.1)
    redcarpet (3.5.1)
    regexp_parser (2.1.1)
    rspec (3.10.0)
      rspec-core (~> 3.10.0)
      rspec-expectations (~> 3.10.0)
      rspec-mocks (~> 3.10.0)
    rspec-core (3.10.1)
      rspec-support (~> 3.10.0)
    rspec-expectations (3.10.1)
      diff-lcs (>= 1.2.0, < 2.0)
      rspec-support (~> 3.10.0)
    rspec-html-matchers (0.9.1)
      nokogiri (~> 1)
      rspec (>= 3.0.0.a, < 4)
    rspec-mocks (3.10.2)
      diff-lcs (>= 1.2.0, < 2.0)
      rspec-support (~> 3.10.0)
    rspec-support (3.10.2)
    rspec_junit_formatter (0.4.1)
      rspec-core (>= 2, < 4, != 2.12.0)
    ruby2_keywords (0.0.4)
    rubyzip (2.3.0)
    selenium-webdriver (3.142.7)
      childprocess (>= 0.5, < 4.0)
      rubyzip (>= 1.2.2)
    shotgun (0.9.2)
      rack (>= 1.0)
    simplecov (0.16.1)
      docile (~> 1.1)
      json (>= 1.8, < 3)
      simplecov-html (~> 0.10.0)
    simplecov-html (0.10.2)
    sinatra (2.1.0)
      mustermann (~> 1.0)
      rack (~> 2.2)
      rack-protection (= 2.1.0)
      tilt (~> 2.0)
    thor (1.1.0)
    tilt (2.0.10)
    timecop (0.9.4)
    tzinfo (2.0.4)
      concurrent-ruby (~> 1.0)
    tzinfo-data (1.2021.1)
      tzinfo (>= 1.0.0)
    watir (6.19.1)
      regexp_parser (>= 1.2, < 3)
      selenium-webdriver (>= 3.142.7)
    watir-rspec (3.0.0)
      rspec (~> 3.0)
      watir (>= 6.0.0.beta4)
    webdrivers (4.6.0)
      nokogiri (~> 1.6)
      rubyzip (>= 1.3.0)
      selenium-webdriver (>= 3.0, < 4.0)
    zeitwerk (2.4.2)

PLATFORMS
  ruby
  x86_64-darwin-19

DEPENDENCIES
  animate_presenter_plugin!
  bundler (>= 1.13)
  cacheable_presenter_plugin!
  chart_presenter_plugin!
  clipboard_presenter_plugin!
  color_picker_presenter_plugin!
  coprl!
  dotenv
  foo_presenter_plugin!
  google_maps_presenter_plugin!
  iframe_presenter_plugin!
  image_crop_presenter_plugin!
  markup_presenter_plugin!
  pry
  pry-byebug
  puma
  rack (>= 2.0.6)
  rack-cors
  rack-test (~> 0.8)
  rake (~> 13.0)
  rspec
  rspec-html-matchers
  rspec_junit_formatter
  script_presenter_plugin!
  scroll_to_presenter_plugin!
  shotgun (~> 0.9)
  simplecov
  thor (~> 1.1.0)
  timecop (~> 0.9.4)
  timer_presenter_plugin!
  watir (~> 6.19)
  watir-rspec (~> 3.0)
  webdrivers (~> 4.1)

RUBY VERSION
   ruby 2.7.2p137

BUNDLED WITH
   2.2.20
